GEM
  remote: https://rubygems.org/
  specs:
    harvested (1.0.1)
      hashie (~> 1)
      httparty
      json
    hashie (1.2.0)
    httparty (0.12.0)
      json (~> 1.8)
      multi_xml (>= 0.5.2)
    json (1.8.1)
    mail (2.5.4)
      mime-types (~> 1.16)
      treetop (~> 1.4.8)
    mime-types (1.25.1)
    multi_xml (0.5.5)
    polyglot (0.3.3)
    pony (1.6.2)
      mail (>= 2.0)
    treetop (1.4.15)
      polyglot
      polyglot (>= 0.3.1)

PLATFORMS
  ruby

DEPENDENCIES
  harvested
  pony
